GEM
  remote: https://rubygems.org/
  specs:
    heatmap (0.1.1)
    mini_magick (4.3.6)

PLATFORMS
  ruby

DEPENDENCIES
  heatmap
  mini_magick

BUNDLED WITH
   1.10.6
